GEM
  remote: http://rubygems.org/
  specs:
    activesupport (3.0.7)
    childprocess (0.1.9)
      ffi (~> 1.0.6)
    diff-lcs (1.1.2)
    ffi (1.0.9)
    i18n (0.5.0)
    jasmine (1.0.2.1)
      json_pure (>= 1.4.3)
      rack (>= 1.1)
      rspec (>= 1.3.1)
      selenium-webdriver (>= 0.1.3)
    jax (0.0.0.7)
      activesupport (~> 3.0)
      bundler (~> 1.0.10)
      i18n (~> 0.5.0)
      jasmine (~> 1.0.2.0)
      rake (~> 0.8.7)
      sprockets (~> 1.0.2)
      thor (~> 0.14.6)
    json_pure (1.5.1)
    rack (1.2.2)
    rake (0.8.7)
    rspec (2.6.0)
      rspec-core (~> 2.6.0)
      rspec-expectations (~> 2.6.0)
      rspec-mocks (~> 2.6.0)
    rspec-core (2.6.2)
    rspec-expectations (2.6.0)
      diff-lcs (~> 1.1.2)
    rspec-mocks (2.6.0)
    rubyzip (0.9.4)
    selenium-webdriver (0.2.0)
      childprocess (>= 0.1.7)
      ffi (>= 1.0.7)
      json_pure
      rubyzip
    sprockets (1.0.2)
    thor (0.14.6)

PLATFORMS
  ruby

DEPENDENCIES
  jax (= 0.0.0.7)
