GEM
  remote: http://rubygems.org/
  specs:
    actionmailer (3.1.8)
      actionpack (= 3.1.8)
      mail (~> 2.3.3)
    actionpack (3.1.8)
      activemodel (= 3.1.8)
      activesupport (= 3.1.8)
      builder (~> 3.0.0)
      erubis (~> 2.7.0)
      i18n (~> 0.6)
      rack (~> 1.3.6)
      rack-cache (~> 1.2)
      rack-mount (~> 0.8.2)
      rack-test (~> 0.6.1)
      sprockets (~> 2.0.4)
    activemodel (3.1.8)
      activesupport (= 3.1.8)
      builder (~> 3.0.0)
      i18n (~> 0.6)
    activerecord (3.1.8)
      activemodel (= 3.1.8)
      activesupport (= 3.1.8)
      arel (~> 2.2.3)
      tzinfo (~> 0.3.29)
    activeresource (3.1.8)
      activemodel (= 3.1.8)
      activesupport (= 3.1.8)
    activesupport (3.1.8)
      multi_json (>= 1.0, < 1.3)
    addressable (2.3.2)
    arel (2.2.3)
    builder (3.0.4)
    childprocess (0.3.6)
      ffi (~> 1.0, >= 1.0.6)
    coffee-rails (3.1.1)
      coffee-script (>= 2.2.0)
      railties (~> 3.1.0)
    coffee-script (2.2.0)
      coffee-script-source
      execjs
    coffee-script-source (1.1.2)
    diff-lcs (1.1.3)
    erubis (2.7.0)
    execjs (1.2.9)
      multi_json (~> 1.0)
    ffi (1.1.5)
    hike (1.2.1)
    i18n (0.6.1)
    jasmine (1.2.1)
      jasmine-core (>= 1.2.0)
      rack (~> 1.0)
      rspec (>= 1.3.1)
      selenium-webdriver (>= 0.1.3)
    jasmine-core (1.2.0)
    jax (2.0.12)
      jasmine (~> 1)
      jquery-rails (>= 1)
      rails (~> 3)
      rest-client (~> 1)
    jquery-rails (2.1.3)
      railties (>= 3.1.0, < 5.0)
      thor (~> 0.14)
    json (1.7.5)
    libwebsocket (0.1.5)
      addressable
    mail (2.3.3)
      i18n (>= 0.4.0)
      mime-types (~> 1.16)
      treetop (~> 1.4.8)
    mime-types (1.19)
    multi_json (1.2.0)
    polyglot (0.3.3)
    rack (1.3.6)
    rack-cache (1.2)
      rack (>= 0.4)
    rack-mount (0.8.3)
      rack (>= 1.0.0)
    rack-ssl (1.3.2)
      rack
    rack-test (0.6.2)
      rack (>= 1.0)
    rails (3.1.8)
      actionmailer (= 3.1.8)
      actionpack (= 3.1.8)
      activerecord (= 3.1.8)
      activeresource (= 3.1.8)
      activesupport (= 3.1.8)
      bundler (~> 1.0)
      railties (= 3.1.8)
    railties (3.1.8)
      actionpack (= 3.1.8)
      activesupport (= 3.1.8)
      rack-ssl (~> 1.3.2)
      rake (>= 0.8.7)
      rdoc (~> 3.4)
      thor (~> 0.14.6)
    rake (0.9.2.2)
    rdoc (3.12)
      json (~> 1.4)
    rest-client (1.6.7)
      mime-types (>= 1.16)
    rspec (2.11.0)
      rspec-core (~> 2.11.0)
      rspec-expectations (~> 2.11.0)
      rspec-mocks (~> 2.11.0)
    rspec-core (2.11.1)
    rspec-expectations (2.11.3)
      diff-lcs (~> 1.1.3)
    rspec-mocks (2.11.3)
    rubyzip (0.9.9)
    sass (3.1.10)
    sass-rails (3.1.4)
      actionpack (~> 3.1.0)
      railties (~> 3.1.0)
      sass (>= 3.1.4)
      sprockets (~> 2.0.0)
      tilt (~> 1.3.2)
    selenium-webdriver (2.25.0)
      childprocess (>= 0.2.5)
      libwebsocket (~> 0.1.3)
      multi_json (~> 1.0)
      rubyzip
    sprockets (2.0.4)
      hike (~> 1.2)
      rack (~> 1.0)
      tilt (~> 1.1, != 1.3.0)
    thor (0.14.6)
    tilt (1.3.3)
    treetop (1.4.11)
      polyglot
      polyglot (>= 0.3.1)
    tzinfo (0.3.33)
    uglifier (1.0.4)
      execjs (>= 0.3.0)
      multi_json (>= 1.0.2)

PLATFORMS
  ruby

DEPENDENCIES
  coffee-rails
  jax (= 2.0.12)
  sass-rails
  uglifier
